PATH
  remote: .
  specs:
    activerecord-import (0.3.1)
      activerecord (>= 3.0)

GEM
  remote: http://rubygems.org/
  specs:
    activemodel (3.2.7)
      activesupport (= 3.2.7)
      builder (~> 3.0.0)
    activerecord (3.2.7)
      activemodel (= 3.2.7)
      activesupport (= 3.2.7)
      arel (~> 3.0.2)
      tzinfo (~> 0.3.29)
    activerecord-jdbc-adapter (1.2.7)
    activerecord-jdbcmysql-adapter (1.2.7)
      activerecord-jdbc-adapter (~> 1.2.7)
      jdbc-mysql (~> 5.1.0)
    activesupport (3.2.7)
      i18n (~> 0.6)
      multi_json (~> 1.0)
    appraisal (0.5.1)
      bundler
      rake
    arel (3.0.2)
    builder (3.0.0)
    chronic (0.9.0)
    columnize (0.3.6)
    debugger (1.3.1)
      columnize (>= 0.3.1)
      debugger-linecache (~> 1.1.1)
      debugger-ruby_core_source (~> 1.1.8)
    debugger-linecache (1.1.2)
      debugger-ruby_core_source (>= 1.1.1)
    debugger-ruby_core_source (1.1.8)
    delorean (0.2.1)
      chronic
    factory_girl (4.2.0)
      activesupport (>= 3.0.0)
    i18n (0.6.0)
    jdbc-mysql (5.1.22.1)
    linecache (0.46)
      rbx-require-relative (> 0.0.4)
    multi_json (1.3.6)
    mysql (2.8.1)
    mysql2 (0.3.11)
    pg (0.14.0)
    rake (0.9.2.2)
    rbx-require-relative (0.0.9)
    ruby-debug (0.10.4)
      columnize (>= 0.1)
      ruby-debug-base (~> 0.10.4.0)
    ruby-debug-base (0.10.4)
      linecache (>= 0.3)
    ruby-debug-base (0.10.4-java)
    seamless_database_pool (1.0.11)
      activerecord (>= 2.2.2)
    sqlite3 (1.3.6)
    sqlite3-ruby (1.3.3)
      sqlite3 (>= 1.3.3)
    tzinfo (0.3.33)

PLATFORMS
  java
  ruby

DEPENDENCIES
  activerecord-import!
  activerecord-jdbcmysql-adapter
  appraisal
  debugger
  delorean (~> 0.2.0)
  factory_girl (~> 4.2.0)
  jdbc-mysql
  mysql (~> 2.8.1)
  mysql2 (~> 0.3.0)
  pg (~> 0.9)
  rake
  ruby-debug (= 0.10.4)
  ruby-debug-base (= 0.10.4)
  seamless_database_pool (~> 1.0.11)
  sqlite3-ruby (~> 1.3.1)
